PATH
  remote: .
  specs:
    command-runner (0.8.1)
      promise

GEM
  remote: https://rubygems.org/
  specs:
    diff-lcs (1.2.5)
    fuubar (1.3.2)
      rspec (>= 2.14.0, < 3.1.0)
      ruby-progressbar (~> 1.3)
    promise (0.3.0)
    rspec (2.14.1)
      rspec-core (~> 2.14.0)
      rspec-expectations (~> 2.14.0)
      rspec-mocks (~> 2.14.0)
    rspec-core (2.14.8)
    rspec-expectations (2.14.5)
      diff-lcs (>= 1.1.3, < 2.0)
    rspec-mocks (2.14.6)
    ruby-progressbar (1.4.2)
    yard (0.8.7.3)

PLATFORMS
  ruby

DEPENDENCIES
  command-runner!
  fuubar
  rspec
  yard
