PATH
  remote: .
  specs:
    command-runner (0.8.1)
      promise (~> 0.3)

GEM
  remote: https://rubygems.org/
  specs:
    diff-lcs (1.2.4)
    fuubar (1.2.1)
      rspec (~> 2.0)
      rspec-instafail (~> 0.2.0)
      ruby-progressbar (~> 1.0)
    promise (0.3.0)
    rspec (2.13.0)
      rspec-core (~> 2.13.0)
      rspec-expectations (~> 2.13.0)
      rspec-mocks (~> 2.13.0)
    rspec-core (2.13.1)
    rspec-expectations (2.13.0)
      diff-lcs (>= 1.1.3, < 2.0)
    rspec-instafail (0.2.4)
    rspec-mocks (2.13.1)
    ruby-progressbar (1.4.0)
    yard (0.8.6.1)

PLATFORMS
  ruby

DEPENDENCIES
  command-runner!
  fuubar (~> 1)
  rspec (~> 2)
  yard (~> 0.8)
